PATH
  remote: .
  specs:
    aaet (0.1.0)
      apktools (~> 0.7.1)
      appium_lib
      awesome_print
      colorize
      commander
      curb
      eyes_selenium (= 3.10.1)
      faker
      haml
      httparty
      jsonpath
      os
      parallel (~> 1.9.0)
      pry
      redic (~> 1.5.0)
      tilt
      toml-rb

GEM
  remote: https://rubygems.org/
  specs:
    addressable (2.5.2)
      public_suffix (>= 2.0.2, < 4.0)
    apktools (0.7.2)
      rubyzip (~> 1.2.1)
    appium_lib (9.9.0)
      appium_lib_core (~> 1.3.0)
      nokogiri (~> 1.6, >= 1.6.6)
      tomlrb (~> 1.1)
    appium_lib_core (1.3.0)
      json (>= 1.8)
      selenium-webdriver (~> 3.5)
    awesome_print (1.8.0)
    capybara (2.18.0)
      addressable
      mini_mime (>= 0.1.3)
      nokogiri (>= 1.3.3)
      rack (>= 1.0.0)
      rack-test (>= 0.5.4)
      xpath (>= 2.0, < 4.0)
    childprocess (0.9.0)
      ffi (~> 1.0, >= 1.0.11)
    chunky_png (1.3.6)
    citrus (3.0.2)
    coderay (1.1.2)
    colorize (0.8.1)
    commander (4.4.4)
      highline (~> 1.7.2)
    concurrent-ruby (1.0.5)
    curb (0.9.4)
    diff-lcs (1.3)
    eyes_core (3.10.1)
      chunky_png (= 1.3.6)
      faraday
      oily_png (~> 1.2)
      oj
    eyes_selenium (3.10.1)
      capybara
      eyes_core (= 3.10.1)
      selenium-webdriver
      watir
    faker (1.8.7)
      i18n (>= 0.7)
    faraday (0.14.0)
      multipart-post (>= 1.2, < 3)
    ffi (1.9.23)
    haml (5.0.4)
      temple (>= 0.8.0)
      tilt
    highline (1.7.10)
    hiredis (0.6.1)
    httparty (0.16.0)
      multi_xml (>= 0.5.2)
    i18n (1.0.0)
      concurrent-ruby (~> 1.0)
    json (2.1.0)
    jsonpath (0.8.11)
      multi_json
      to_regexp (~> 0.2.1)
    method_source (0.9.0)
    mini_mime (1.0.0)
    mini_portile2 (2.3.0)
    multi_json (1.12.2)
    multi_xml (0.6.0)
    multipart-post (2.0.0)
    nokogiri (1.8.2)
      mini_portile2 (~> 2.3.0)
    oily_png (1.2.0)
      chunky_png (~> 1.3.1)
    oj (3.5.0)
    os (1.0.0)
    parallel (1.9.0)
    pry (0.11.3)
      coderay (~> 1.1.0)
      method_source (~> 0.9.0)
    public_suffix (3.0.2)
    rack (2.0.4)
    rack-test (0.8.3)
      rack (>= 1.0, < 3)
    rake (10.5.0)
    redic (1.5.0)
      hiredis
    rspec (3.7.0)
      rspec-core (~> 3.7.0)
      rspec-expectations (~> 3.7.0)
      rspec-mocks (~> 3.7.0)
    rspec-core (3.7.1)
      rspec-support (~> 3.7.0)
    rspec-expectations (3.7.0)
      diff-lcs (>= 1.2.0, < 2.0)
      rspec-support (~> 3.7.0)
    rspec-mocks (3.7.0)
      diff-lcs (>= 1.2.0, < 2.0)
      rspec-support (~> 3.7.0)
    rspec-support (3.7.1)
    rubyzip (1.2.1)
    selenium-webdriver (3.11.0)
      childprocess (~> 0.5)
      rubyzip (~> 1.2)
    temple (0.8.0)
    tilt (2.0.8)
    to_regexp (0.2.1)
    toml-rb (1.1.1)
      citrus (~> 3.0, > 3.0)
    tomlrb (1.2.6)
    watir (6.10.3)
      selenium-webdriver (~> 3.4, >= 3.4.1)
    xpath (3.0.0)
      nokogiri (~> 1.8)

PLATFORMS
  ruby

DEPENDENCIES
  aaet!
  bundler (~> 1.13)
  rake (~> 10.0)
  rspec (~> 3.0)

BUNDLED WITH
   1.16.1
